GEM
  remote: https://rubygems.org/
  specs:
    addressable (2.4.0)
    claide (1.0.0)
    claide-plugins (0.9.0)
      cork (~> 0)
      nap (~> 1.0)
      open4 (~> 1.3)
    colored (1.2)
    cork (0.1.0)
      colored (~> 1.2)
    danger (0.9.1)
      claide (~> 1.0)
      claide-plugins (~> 0.9)
      colored (~> 1.2)
      cork (~> 0.1)
      faraday (~> 0)
      git (~> 1)
      octokit (~> 4.2)
      redcarpet (~> 3.3)
      terminal-table (~> 1)
    faraday (0.9.2)
      multipart-post (>= 1.2, < 3)
    git (1.3.0)
    multipart-post (2.0.0)
    nap (1.1.0)
    octokit (4.3.0)
      sawyer (~> 0.7.0, >= 0.5.3)
    open4 (1.3.4)
    redcarpet (3.3.4)
    sawyer (0.7.0)
      addressable (>= 2.3.5, < 2.5)
      faraday (~> 0.8, < 0.10)
    terminal-table (1.6.0)

PLATFORMS
  ruby

DEPENDENCIES
  danger
